PATH
  remote: .
  specs:
    acts_as_sanitiled (1.1.3)
      RedCloth (>= 4.1.0, < 4.2.6)
      acts_as_sanitiled
      sanitize (>= 1.1.0, < 3.0.0)

GEM
  remote: http://rubygems.org/
  specs:
    RedCloth (4.2.5)
    activesupport (2.3.11)
    bacon (1.1.0)
    git (1.2.5)
    jeweler (1.5.2)
      bundler (~> 1.0.0)
      git (>= 1.2.5)
      rake
    nokogiri (1.4.4)
    rake (0.8.7)
    sanitize (2.0.0)
      nokogiri (~> 1.4.4)

PLATFORMS
  ruby

DEPENDENCIES
  activesupport (~> 2.3)
  acts_as_sanitiled!
  bacon
  jeweler (~> 1.4)
  rake
